GEM
  remote: https://rubygems.org/
  specs:
    amq-protocol (2.0.1)
    bunny (2.6.2)
      amq-protocol (>= 2.0.1)
    pg (0.19.0)
    rgeo (0.5.3)
    sequel (4.42.0)

PLATFORMS
  ruby

DEPENDENCIES
  bunny
  pg
  rgeo
  sequel

RUBY VERSION
   ruby 2.3.0p0

BUNDLED WITH
   1.13.6
